PATH
  remote: .
  specs:
    btc-utils (0.0.1)

GEM
  remote: http://rubygems.org/
  specs:

PLATFORMS
  ruby

DEPENDENCIES
  btc-utils!
